GEM
  remote: https://rubygems.org/
  specs:
    base64 (0.2.0)
    bigdecimal (3.1.8)
    connection_pool (2.4.1)
    csv (3.3.0)
    diff-lcs (1.5.1)
    dotenv (3.1.2)
    fakeredis (0.9.2)
      redis (~> 4.8)
    httparty (0.22.0)
      csv
      mini_mime (>= 1.0.0)
      multi_xml (>= 0.5.2)
    json (2.7.2)
    mini_mime (1.1.5)
    multi_xml (0.7.1)
      bigdecimal (~> 3.1)
    mustermann (3.0.0)
      ruby2_keywords (~> 0.0.1)
    nio4r (2.7.3)
    puma (6.4.2)
      nio4r (~> 2.0)
    rack (3.1.4)
    rack-protection (4.0.0)
      base64 (>= 0.1.0)
      rack (>= 3.0.0, < 4)
    rack-session (2.0.0)
      connection_pool
      rack (>= 3.0.0)
    rack-test (2.1.0)
      rack (>= 1.3)
    redis (4.8.1)
    rspec (3.13.0)
      rspec-core (~> 3.13.0)
      rspec-expectations (~> 3.13.0)
      rspec-mocks (~> 3.13.0)
    rspec-core (3.13.0)
      rspec-support (~> 3.13.0)
    rspec-expectations (3.13.1)
      diff-lcs (>= 1.2.0, < 2.0)
      rspec-support (~> 3.13.0)
    rspec-mocks (3.13.1)
      diff-lcs (>= 1.2.0, < 2.0)
      rspec-support (~> 3.13.0)
    rspec-support (3.13.1)
    ruby2_keywords (0.0.5)
    sinatra (4.0.0)
      mustermann (~> 3.0)
      rack (>= 3.0.0, < 4)
      rack-protection (= 4.0.0)
      rack-session (>= 2.0.0, < 3)
      tilt (~> 2.0)
    tilt (2.4.0)

PLATFORMS
  ruby
  x86_64-linux

DEPENDENCIES
  dotenv (~> 3.1, >= 3.1.2)
  fakeredis (~> 0.9.0)
  httparty (~> 0.22.0)
  json (~> 2.7, >= 2.7.2)
  puma (~> 6.4, >= 6.4.2)
  rack (~> 3.1, >= 3.1.4)
  rack-test (~> 2.1.0)
  redis (~> 4.8.0)
  rspec (~> 3.13.0)
  sinatra (~> 4.0.0)

BUNDLED WITH
   2.5.6
